GEM
  remote: https://rubygems.org/
  specs:
    artii (2.1.1)
    colorizer (0.0.2)
    gemoji (2.1.0)
    rack (1.6.4)
    rack-protection (1.5.3)
      rack
    sinatra (1.4.7)
      rack (~> 1.5)
      rack-protection (~> 1.4)
      tilt (>= 1.3, < 3)
    tilt (2.0.2)

PLATFORMS
  ruby

DEPENDENCIES
  artii
  colorizer
  gemoji (~> 2.1)
  sinatra (~> 1.4, >= 1.4.7)

BUNDLED WITH
   1.11.2
